GEM
  remote: https://rubygems.org/
  specs:
    rack (2.0.9)

PLATFORMS
  ruby

DEPENDENCIES
  rack (~> 2.0.8)

RUBY VERSION
   ruby 2.6.0p0

BUNDLED WITH
   2.0.2
